PATH
  remote: .
  specs:
    metric_fu-Saikuro (1.1.1.0)

GEM
  remote: https://rubygems.org/
  specs:
    rake (0.9.2.2)

PLATFORMS
  ruby

DEPENDENCIES
  metric_fu-Saikuro!
  rake
